GIT
  remote: https://github.com/mojombo/jekyll
  revision: ffc68bdd48dfa6af9ffec0cfe6f9a840a2169d87
  specs:
    jekyll (0.11.2)
      classifier (~> 1.3)
      directory_watcher (~> 1.1)
      kramdown (~> 0.13.4)
      liquid (~> 2.3)
      maruku (~> 0.5)
      pygments.rb (~> 0.3.2)

GIT
  remote: https://github.com/vwall/compass-twitter-bootstrap
  revision: 18d2d061235d5477c3a30beab9f02c7e9387f0c4
  specs:
    compass_twitter_bootstrap (2.0.3)
      compass

GEM
  remote: https://rubygems.org/
  specs:
    chunky_png (1.2.6)
    classifier (1.3.3)
      fast-stemmer (>= 1.0.0)
    compass (0.12.2)
      chunky_png (~> 1.2)
      fssm (>= 0.2.7)
      sass (~> 3.1)
    directory_watcher (1.4.1)
    fast-stemmer (1.0.1)
    fssm (0.2.9)
    kramdown (0.13.8)
    liquid (2.4.1)
    maruku (0.6.1)
      syntax (>= 1.0.0)
    posix-spawn (0.3.6)
    pygments.rb (0.3.3)
      posix-spawn (~> 0.3.6)
      yajl-ruby (~> 1.1.0)
    rdiscount (1.6.8)
    sass (3.2.3)
    syntax (1.0.0)
    yajl-ruby (1.1.0)

PLATFORMS
  ruby

DEPENDENCIES
  compass
  compass_twitter_bootstrap!
  jekyll!
  rdiscount
